PATH
  remote: .
  specs:
    hola-example (0.0.4)

GEM
  remote: https://rubygems.org/
  specs:
    minitest (5.14.4)
    rake (13.0.1)

PLATFORMS
  ruby

DEPENDENCIES
  hola-example!
  minitest
  rake

BUNDLED WITH
   2.1.4
